STORAGE: NONE
RESTRICTION: == net5.0
NUGET
  remote: https://api.nuget.org/v3/index.json
    BlackFox.VsWhere (1.1)
      FSharp.Core (>= 4.2.3)
      Microsoft.Win32.Registry (>= 4.7)
    Expecto (9.0.2)
      FSharp.Core (>= 4.6)
      Mono.Cecil (>= 0.11.2)
    Fable.AST (3.1.1)
    Fable.Browser.Blob (1.1.4)
      Fable.Core (>= 3.0)
      FSharp.Core (>= 4.7.2)
    Fable.Browser.Dom (2.4.4)
      Fable.Browser.Blob (>= 1.1.4)
      Fable.Browser.Event (>= 1.4.4)
      Fable.Browser.WebStorage (>= 1.0.4)
      Fable.Core (>= 3.0)
      FSharp.Core (>= 4.7.2)
    Fable.Browser.Event (1.4.5)
      Fable.Browser.Gamepad (>= 1.0.3)
      Fable.Core (>= 3.0)
      FSharp.Core (>= 4.7.2)
    Fable.Browser.Gamepad (1.0.3)
      Fable.Core (>= 3.0)
      FSharp.Core (>= 4.7.2)
    Fable.Browser.WebStorage (1.0.4)
      Fable.Browser.Event (>= 1.4.4)
      Fable.Core (>= 3.0)
      FSharp.Core (>= 4.7.2)
    Fable.Browser.XMLHttpRequest (1.1.6)
      Fable.Browser.Blob (>= 1.1.4)
      Fable.Browser.Event (>= 1.4.4)
      Fable.Core (>= 3.0)
      FSharp.Core (>= 4.7.2)
    Fable.Core (3.2.8)
      FSharp.Core (>= 4.7.2)
    Fable.Elmish (3.1)
      Fable.Core (>= 3.0)
      FSharp.Core (>= 4.6.2)
    Fable.Elmish.Browser (3.0.4)
      Fable.Browser.Dom (>= 1.0)
      Fable.Core (>= 3.0)
      Fable.Elmish (>= 3.0)
      FSharp.Core (>= 4.6.2)
    Fable.Elmish.Debugger (3.3)
      Fable.Core (>= 3.2.8)
      Fable.Elmish (>= 3.0)
      FSharp.Core (>= 4.7.2)
      Thoth.Json (>= 6.0)
    Fable.Elmish.HMR (4.1)
      Fable.Core (>= 3.0)
      Fable.Elmish.Browser (>= 3.0.4)
      Fable.Elmish.React (>= 3.0.1)
      FSharp.Core (>= 4.6.2)
    Fable.Elmish.React (3.0.1)
      Fable.Core (>= 3.0)
      Fable.Elmish (>= 3.0)
      Fable.React (>= 5.1)
      FSharp.Core (>= 4.6.2)
    Fable.FontAwesome (2.0)
      Fable.Core (>= 3.0)
      Fable.React (>= 5.1)
    Fable.FontAwesome.Free (2.1)
      Fable.Core (>= 3.0)
      Fable.FontAwesome (>= 2.0)
      Fable.React (>= 5.1)
    Fable.Mocha (2.10)
      Fable.Core (>= 3.0)
      FSharp.Core (>= 4.7)
    Fable.Parsimmon (4.1)
      Fable.Core (>= 3.0)
      FSharp.Core (>= 4.6.2)
    Fable.React (7.4.1)
      Fable.Browser.Dom (>= 2.4.4)
      Fable.Core (>= 3.2.7)
      FSharp.Core (>= 4.7.2)
    Fable.Remoting.Client (7.16)
      Fable.Browser.XMLHttpRequest (>= 1.0)
      Fable.Core (>= 3.1.5)
      Fable.Remoting.MsgPack (>= 1.13)
      Fable.SimpleJson (>= 3.21)
      FSharp.Core (>= 4.7)
    Fable.Remoting.Giraffe (5.4)
      Fable.Remoting.Server (>= 5.24)
      FSharp.Core (>= 5.0)
      Giraffe (>= 5.0)
    Fable.Remoting.Json (2.18)
      FSharp.Core (>= 4.7.2)
      Newtonsoft.Json (>= 12.0.2)
    Fable.Remoting.MsgPack (1.13)
      FSharp.Core (>= 4.7.2)
    Fable.Remoting.Server (5.24)
      Fable.Remoting.Json (>= 2.18)
      Fable.Remoting.MsgPack (>= 1.13)
      FSharp.Core (>= 4.7.2)
    Fable.SimpleJson (3.21)
      Fable.Core (>= 3.1.5)
      Fable.Parsimmon (>= 4.0)
      FSharp.Core (>= 4.7)
    Fake.Core.CommandLineParsing (5.20.4)
      FParsec (>= 1.1.1)
      FSharp.Core (>= 4.7.2)
    Fake.Core.Context (5.20.4)
      FSharp.Core (>= 4.7.2)
    Fake.Core.Environment (5.20.4)
      FSharp.Core (>= 4.7.2)
    Fake.Core.FakeVar (5.20.4)
      Fake.Core.Context (>= 5.20.4)
      FSharp.Core (>= 4.7.2)
    Fake.Core.Process (5.20.4)
      Fake.Core.Environment (>= 5.20.4)
      Fake.Core.FakeVar (>= 5.20.4)
      Fake.Core.String (>= 5.20.4)
      Fake.Core.Trace (>= 5.20.4)
      Fake.IO.FileSystem (>= 5.20.4)
      FSharp.Core (>= 4.7.2)
      System.Collections.Immutable (>= 1.7.1)
    Fake.Core.ReleaseNotes (5.20.4)
      Fake.Core.SemVer (>= 5.20.4)
      Fake.Core.String (>= 5.20.4)
      FSharp.Core (>= 4.7.2)
    Fake.Core.SemVer (5.20.4)
      FSharp.Core (>= 4.7.2)
    Fake.Core.String (5.20.4)
      FSharp.Core (>= 4.7.2)
    Fake.Core.Target (5.20.4)
      Fake.Core.CommandLineParsing (>= 5.20.4)
      Fake.Core.Context (>= 5.20.4)
      Fake.Core.Environment (>= 5.20.4)
      Fake.Core.FakeVar (>= 5.20.4)
      Fake.Core.Process (>= 5.20.4)
      Fake.Core.String (>= 5.20.4)
      Fake.Core.Trace (>= 5.20.4)
      FSharp.Control.Reactive (>= 4.4.2)
      FSharp.Core (>= 4.7.2)
    Fake.Core.Tasks (5.20.4)
      Fake.Core.Trace (>= 5.20.4)
      FSharp.Core (>= 4.7.2)
    Fake.Core.Trace (5.20.4)
      Fake.Core.Environment (>= 5.20.4)
      Fake.Core.FakeVar (>= 5.20.4)
      FSharp.Core (>= 4.7.2)
    Fake.Core.UserInput (5.20.4)
      FSharp.Core (>= 4.7.2)
    Fake.Core.Xml (5.20.4)
      Fake.Core.String (>= 5.20.4)
      FSharp.Core (>= 4.7.2)
    Fake.DotNet.Cli (5.20.4)
      Fake.Core.Environment (>= 5.20.4)
      Fake.Core.Process (>= 5.20.4)
      Fake.Core.String (>= 5.20.4)
      Fake.Core.Trace (>= 5.20.4)
      Fake.DotNet.MSBuild (>= 5.20.4)
      Fake.DotNet.NuGet (>= 5.20.4)
      Fake.IO.FileSystem (>= 5.20.4)
      FSharp.Core (>= 4.7.2)
      Mono.Posix.NETStandard (>= 1.0)
      Newtonsoft.Json (>= 12.0.3)
    Fake.DotNet.MSBuild (5.20.4)
      BlackFox.VsWhere (>= 1.1)
      Fake.Core.Environment (>= 5.20.4)
      Fake.Core.Process (>= 5.20.4)
      Fake.Core.String (>= 5.20.4)
      Fake.Core.Trace (>= 5.20.4)
      Fake.IO.FileSystem (>= 5.20.4)
      FSharp.Core (>= 4.7.2)
      MSBuild.StructuredLogger (>= 2.1.176)
    Fake.DotNet.NuGet (5.20.4)
      Fake.Core.Environment (>= 5.20.4)
      Fake.Core.Process (>= 5.20.4)
      Fake.Core.SemVer (>= 5.20.4)
      Fake.Core.String (>= 5.20.4)
      Fake.Core.Tasks (>= 5.20.4)
      Fake.Core.Trace (>= 5.20.4)
      Fake.Core.Xml (>= 5.20.4)
      Fake.IO.FileSystem (>= 5.20.4)
      Fake.Net.Http (>= 5.20.4)
      FSharp.Core (>= 4.7.2)
      Newtonsoft.Json (>= 12.0.3)
      NuGet.Protocol (>= 5.6)
    Fake.IO.FileSystem (5.20.4)
      Fake.Core.String (>= 5.20.4)
      FSharp.Core (>= 4.7.2)
    Fake.Net.Http (5.20.4)
      Fake.Core.Trace (>= 5.20.4)
      FSharp.Core (>= 4.7.2)
    Fake.Tools.Git (5.20.4)
      Fake.Core.Environment (>= 5.20.4)
      Fake.Core.Process (>= 5.20.4)
      Fake.Core.SemVer (>= 5.20.4)
      Fake.Core.String (>= 5.20.4)
      Fake.Core.Trace (>= 5.20.4)
      Fake.IO.FileSystem (>= 5.20.4)
      FSharp.Core (>= 4.7.2)
    Farmer (1.6.10)
      FSharp.Core (>= 5.0)
    Feliz (1.50)
      Fable.Core (>= 3.1.5)
      Fable.React (>= 7.4)
      Feliz.CompilerPlugins (>= 1.6)
      FSharp.Core (>= 4.7.2)
    Feliz.Bulma (2.17)
      Feliz (>= 1.32)
      FSharp.Core (>= 4.7.2)
    Feliz.CompilerPlugins (1.6)
      Fable.AST (>= 3.0)
      FSharp.Core (>= 4.7.2)
    Feliz.Markdown (1.3.1)
      Feliz (>= 1.33.1)
      FSharp.Core (>= 4.7.2)
    Feliz.ReactFlow (0.2.2)
      Feliz (>= 1.47)
    Feliz.Router (3.8)
      Fable.Core (>= 3.1.6)
      Fable.Elmish (>= 3.1)
      Feliz (>= 1.28)
      Feliz.UseListener (>= 0.6.3)
      FSharp.Core (>= 4.7.2)
    Feliz.UseListener (0.6.3)
      Fable.Core (>= 3.1.6 < 4.0)
      Feliz (>= 1.17 < 2.0)
      FSharp.Core (>= 4.7.2)
    FParsec (1.1.1)
      FSharp.Core (>= 4.3.4)
    FSharp.Control.Reactive (5.0.2)
      FSharp.Core (>= 4.7.2)
      System.Reactive (>= 5.0)
    FSharp.Control.Websockets (0.2.2)
      FSharp.Core (>= 4.3.4)
      Microsoft.IO.RecyclableMemoryStream (>= 1.2.2)
    FSharp.Core (5.0.2)
    Fulma (2.14.1)
      Fable.Core (>= 3.2.6)
      Fable.React (>= 7.4)
    Giraffe (5.0)
      FSharp.Core (>= 5.0)
      Giraffe.ViewEngine (>= 1.3)
      Microsoft.IO.RecyclableMemoryStream (>= 1.3.6)
      Newtonsoft.Json (>= 12.0.3)
      Ply (>= 0.3.1)
      System.Text.Json (>= 5.0.2)
      Utf8Json (>= 1.3.7)
    Giraffe.ViewEngine (1.4)
      FSharp.Core (>= 5.0)
    Microsoft.AspNetCore.Authentication.JwtBearer (5.0.9)
      Microsoft.IdentityModel.Protocols.OpenIdConnect (>= 6.7.1)
    Microsoft.Build (16.10)
      Microsoft.Build.Framework (>= 16.10)
      Microsoft.NET.StringTools (>= 1.0)
      Microsoft.Win32.Registry (>= 4.3)
      System.Collections.Immutable (>= 5.0)
      System.Configuration.ConfigurationManager (>= 4.7)
      System.Reflection.Metadata (>= 1.6)
      System.Security.Principal.Windows (>= 4.7)
      System.Text.Encoding.CodePages (>= 4.0.1)
      System.Text.Json (>= 4.7)
      System.Threading.Tasks.Dataflow (>= 4.9)
    Microsoft.Build.Framework (16.10)
      System.Security.Permissions (>= 4.7)
    Microsoft.Build.Tasks.Core (16.10)
      Microsoft.Build.Framework (>= 16.10)
      Microsoft.Build.Utilities.Core (>= 16.10)
      Microsoft.NET.StringTools (>= 1.0)
      Microsoft.Win32.Registry (>= 4.3)
      System.CodeDom (>= 4.4)
      System.Collections.Immutable (>= 5.0)
      System.Reflection.Metadata (>= 1.6)
      System.Resources.Extensions (>= 4.6)
      System.Security.Cryptography.Pkcs (>= 4.7)
      System.Security.Cryptography.Xml (>= 4.7)
      System.Security.Permissions (>= 4.7)
      System.Threading.Tasks.Dataflow (>= 4.9)
    Microsoft.Build.Utilities.Core (16.10)
      Microsoft.Build.Framework (>= 16.10)
      Microsoft.NET.StringTools (>= 1.0)
      Microsoft.Win32.Registry (>= 4.3)
      System.Collections.Immutable (>= 5.0)
      System.Configuration.ConfigurationManager (>= 4.7)
      System.Security.Permissions (>= 4.7)
      System.Text.Encoding.CodePages (>= 4.0.1)
    Microsoft.CSharp (4.7)
    Microsoft.IdentityModel.JsonWebTokens (6.12)
      Microsoft.IdentityModel.Tokens (>= 6.12)
    Microsoft.IdentityModel.Logging (6.12)
    Microsoft.IdentityModel.Protocols (6.12)
      Microsoft.IdentityModel.Logging (>= 6.12)
      Microsoft.IdentityModel.Tokens (>= 6.12)
    Microsoft.IdentityModel.Protocols.OpenIdConnect (6.12)
      Microsoft.IdentityModel.Protocols (>= 6.12)
      System.IdentityModel.Tokens.Jwt (>= 6.12)
    Microsoft.IdentityModel.Tokens (6.12)
      Microsoft.CSharp (>= 4.5)
      Microsoft.IdentityModel.Logging (>= 6.12)
      System.Security.Cryptography.Cng (>= 4.5)
    Microsoft.IO.RecyclableMemoryStream (2.1.3)
    Microsoft.NET.StringTools (1.0)
      System.Memory (>= 4.5.4)
      System.Runtime.CompilerServices.Unsafe (>= 5.0)
    Microsoft.NETCore.Platforms (5.0.2)
    Microsoft.Win32.Registry (5.0)
      System.Security.AccessControl (>= 5.0)
      System.Security.Principal.Windows (>= 5.0)
    Microsoft.Win32.SystemEvents (5.0)
      Microsoft.NETCore.Platforms (>= 5.0)
    Mono.Cecil (0.11.4)
    Mono.Posix.NETStandard (1.0)
    MSBuild.StructuredLogger (2.1.507)
      Microsoft.Build (>= 16.4)
      Microsoft.Build.Framework (>= 16.4)
      Microsoft.Build.Tasks.Core (>= 16.4)
      Microsoft.Build.Utilities.Core (>= 16.4)
    Newtonsoft.Json (13.0.1)
    NuGet.Common (5.11)
      NuGet.Frameworks (>= 5.11)
    NuGet.Configuration (5.11)
      NuGet.Common (>= 5.11)
      System.Security.Cryptography.ProtectedData (>= 4.4)
    NuGet.Frameworks (5.11)
    NuGet.Packaging (5.11)
      Newtonsoft.Json (>= 9.0.1)
      NuGet.Configuration (>= 5.11)
      NuGet.Versioning (>= 5.11)
      System.Security.Cryptography.Cng (>= 5.0)
      System.Security.Cryptography.Pkcs (>= 5.0)
    NuGet.Protocol (5.11)
      NuGet.Packaging (>= 5.11)
    NuGet.Versioning (5.11)
    Ply (0.3.1)
      FSharp.Core (>= 4.6.2)
      System.Threading.Tasks.Extensions (>= 4.5.4)
    Saturn (0.15)
      FSharp.Control.Websockets (>= 0.2.2)
      FSharp.Core (>= 5.0.1)
      Giraffe (>= 5.0)
      Microsoft.AspNetCore.Authentication.JwtBearer (>= 5.0.7)
    System.CodeDom (5.0)
    System.Collections.Immutable (5.0)
    System.Configuration.ConfigurationManager (5.0)
      System.Security.Cryptography.ProtectedData (>= 5.0)
      System.Security.Permissions (>= 5.0)
    System.Drawing.Common (5.0.2)
      Microsoft.Win32.SystemEvents (>= 5.0)
    System.Formats.Asn1 (5.0)
    System.IdentityModel.Tokens.Jwt (6.12)
      Microsoft.IdentityModel.JsonWebTokens (>= 6.12)
      Microsoft.IdentityModel.Tokens (>= 6.12)
    System.Memory (4.5.4)
    System.Reactive (5.0)
    System.Reflection.Emit (4.7)
    System.Reflection.Emit.Lightweight (4.7)
    System.Reflection.Metadata (5.0)
    System.Resources.Extensions (5.0)
    System.Runtime.CompilerServices.Unsafe (5.0)
    System.Security.AccessControl (5.0)
      Microsoft.NETCore.Platforms (>= 5.0)
      System.Security.Principal.Windows (>= 5.0)
    System.Security.Cryptography.Cng (5.0)
      System.Formats.Asn1 (>= 5.0)
    System.Security.Cryptography.Pkcs (5.0.1)
      System.Formats.Asn1 (>= 5.0)
      System.Security.Cryptography.Cng (>= 5.0)
    System.Security.Cryptography.ProtectedData (5.0)
    System.Security.Cryptography.Xml (5.0)
      System.Security.Cryptography.Pkcs (>= 5.0)
      System.Security.Permissions (>= 5.0)
    System.Security.Permissions (5.0)
      System.Security.AccessControl (>= 5.0)
      System.Windows.Extensions (>= 5.0)
    System.Security.Principal.Windows (5.0)
    System.Text.Encoding.CodePages (5.0)
      Microsoft.NETCore.Platforms (>= 5.0)
    System.Text.Json (5.0.2)
    System.Threading.Tasks.Dataflow (5.0)
    System.Threading.Tasks.Extensions (4.5.4)
    System.ValueTuple (4.5)
    System.Windows.Extensions (5.0)
      System.Drawing.Common (>= 5.0)
    Thoth.Json (6.0)
      Fable.Core (>= 3.1.6)
      FSharp.Core (>= 4.7.2)
    Utf8Json (1.3.7)
      System.Reflection.Emit (>= 4.3)
      System.Reflection.Emit.Lightweight (>= 4.3)
      System.Threading.Tasks.Extensions (>= 4.4)
      System.ValueTuple (>= 4.4)
    Zanaptak.TypedCssClasses (1.0)
      FSharp.Core (>= 4.3.4)

GROUP Package
RESTRICTION: == netstandard2.0
NUGET
  remote: https://api.nuget.org/v3/index.json
    Fable.Core (3.2.8)
      FSharp.Core (>= 4.7.2)
    Fable.Promise (2.2.2)
      Fable.Core (>= 3.1.5)
      FSharp.Core (>= 4.7.2)
    FSharp.Core (5.0.2)
    Newtonsoft.Json (13.0.1)
